GIT
  remote: git://github.com/DavyJonesLocker/client_side_validations-simple_form.git
  revision: 5d4b02fb9bc3cd0d5f4c6800792feaf13b194c8c
  branch: master
  specs:
    client_side_validations-simple_form (3.2.1)
      client_side_validations (~> 4.2.0)
      simple_form (~> 3.2)

GIT
  remote: git://github.com/DavyJonesLocker/client_side_validations.git
  revision: 4f000000a858a46d830a4b2aec1e8d6f41f58685
  specs:
    client_side_validations (4.2.1)
      jquery-rails (>= 3.1.2, < 5.0.0)
      js_regex (~> 1.0, >= 1.0.9)
      rails (>= 4.0.0, < 4.3.0)

GEM
  remote: https://rubygems.org/
  specs:
    actionmailer (4.2.5.1)
      actionpack (= 4.2.5.1)
      actionview (= 4.2.5.1)
      activejob (= 4.2.5.1)
      mail (~> 2.5, >= 2.5.4)
      rails-dom-testing (~> 1.0, >= 1.0.5)
    actionpack (4.2.5.1)
      actionview (= 4.2.5.1)
      activesupport (= 4.2.5.1)
      rack (~> 1.6)
      rack-test (~> 0.6.2)
      rails-dom-testing (~> 1.0, >= 1.0.5)
      rails-html-sanitizer (~> 1.0, >= 1.0.2)
    actionview (4.2.5.1)
      activesupport (= 4.2.5.1)
      builder (~> 3.1)
      erubis (~> 2.7.0)
      rails-dom-testing (~> 1.0, >= 1.0.5)
      rails-html-sanitizer (~> 1.0, >= 1.0.2)
    active_model_serializers (0.9.4)
      activemodel (>= 3.2)
    activejob (4.2.5.1)
      activesupport (= 4.2.5.1)
      globalid (>= 0.3.0)
    activemodel (4.2.5.1)
      activesupport (= 4.2.5.1)
      builder (~> 3.1)
    activerecord (4.2.5.1)
      activemodel (= 4.2.5.1)
      activesupport (= 4.2.5.1)
      arel (~> 6.0)
    activesupport (4.2.5.1)
      i18n (~> 0.7)
      json (~> 1.7, >= 1.7.7)
      minitest (~> 5.1)
      thread_safe (~> 0.3, >= 0.3.4)
      tzinfo (~> 1.1)
    addressable (2.4.0)
    arel (6.0.3)
    autoprefixer-rails (6.3.1)
      execjs
      json
    bcrypt (3.1.10)
    bootstrap-sass (3.3.6)
      autoprefixer-rails (>= 5.2.1)
      sass (>= 3.3.4)
    builder (3.2.2)
    byebug (8.2.1)
    climate_control (0.0.3)
      activesupport (>= 3.0)
    cocaine (0.5.8)
      climate_control (>= 0.0.3, < 1.0)
    coderay (1.1.0)
    coffee-rails (4.1.1)
      coffee-script (>= 2.2.0)
      railties (>= 4.0.0, < 5.1.x)
    coffee-script (2.4.1)
      coffee-script-source
      execjs
    coffee-script-source (1.10.0)
    concurrent-ruby (1.0.0)
    connection_pool (2.2.0)
    crack (0.4.3)
      safe_yaml (~> 1.0.0)
    daemons (1.2.3)
    debug_inspector (0.0.2)
    devise (3.5.5)
      bcrypt (~> 3.0)
      orm_adapter (~> 0.1)
      railties (>= 3.2.6, < 5)
      responders
      thread_safe (~> 0.1)
      warden (~> 1.2.3)
    devise_uid (0.1.1)
      devise (>= 3.0.0)
      railties (>= 3.0)
    diff-lcs (1.2.5)
    domain_name (0.5.20160310)
      unf (>= 0.0.5, < 1.0.0)
    erubis (2.7.0)
    eventmachine (1.0.9.1)
    execjs (2.6.0)
    factory_girl (4.5.0)
      activesupport (>= 3.0.0)
    factory_girl_rails (4.5.0)
      factory_girl (~> 4.5.0)
      railties (>= 3.0.0)
    faraday (0.9.2)
      multipart-post (>= 1.2, < 3)
    faraday_middleware (0.9.2)
      faraday (>= 0.7.4, < 0.10)
    ffaker (2.1.0)
    ffi (1.9.10)
    formatador (0.2.5)
    globalid (0.3.6)
      activesupport (>= 4.1.0)
    guard (2.13.0)
      formatador (>= 0.2.4)
      listen (>= 2.7, <= 4.0)
      lumberjack (~> 1.0)
      nenv (~> 0.1)
      notiffany (~> 0.0)
      pry (>= 0.9.12)
      shellany (~> 0.0)
      thor (>= 0.18.1)
    guard-compat (1.2.1)
    guard-rspec (4.6.4)
      guard (~> 2.1)
      guard-compat (~> 1.1)
      rspec (>= 2.99.0, < 4.0)
    guard-yard (2.1.4)
      guard (>= 1.1.0)
      yard (>= 0.7.0)
    hashdiff (0.2.3)
    hashie (3.4.3)
    http (2.0.0)
      addressable (~> 2.3)
      http-cookie (~> 1.0)
      http-form_data (~> 1.0.1)
      http_parser.rb (~> 0.6.0)
    http-cookie (1.0.2)
      domain_name (~> 0.5)
    http-form_data (1.0.1)
    http_parser.rb (0.6.0)
    i18n (0.7.0)
    instagram (1.1.6)
      faraday (>= 0.7, < 0.10)
      faraday_middleware (>= 0.8, < 0.10)
      hashie (>= 0.4.0)
      multi_json (~> 1.0, >= 1.0.3)
    jquery-rails (4.1.0)
      rails-dom-testing (~> 1.0)
      railties (>= 4.2.0)
      thor (>= 0.14, < 2.0)
    js_regex (1.0.12)
      regexp_parser (= 0.3.2)
    json (1.8.3)
    jwt (1.5.2)
    kaminari (0.16.3)
      actionpack (>= 3.0.0)
      activesupport (>= 3.0.0)
    listen (3.0.5)
      rb-fsevent (>= 0.9.3)
      rb-inotify (>= 0.9)
    loofah (2.0.3)
      nokogiri (>= 1.5.9)
    lumberjack (1.0.10)
    mail (2.6.3)
      mime-types (>= 1.16, < 3)
    method_source (0.8.2)
    mime-types (2.99)
    mimemagic (0.3.0)
    mini_portile2 (2.0.0)
    minitest (5.8.4)
    multi_json (1.11.2)
    multi_xml (0.5.5)
    multipart-post (2.0.0)
    nenv (0.2.0)
    nokogiri (1.6.7.2)
      mini_portile2 (~> 2.0.0.rc2)
    notiffany (0.0.8)
      nenv (~> 0.1)
      shellany (~> 0.0)
    oauth2 (1.0.0)
      faraday (>= 0.8, < 0.10)
      jwt (~> 1.0)
      multi_json (~> 1.3)
      multi_xml (~> 0.5)
      rack (~> 1.2)
    omniauth (1.3.1)
      hashie (>= 1.2, < 4)
      rack (>= 1.0, < 3)
    omniauth-instagram (1.0.2)
      omniauth (~> 1)
      omniauth-oauth2 (~> 1)
    omniauth-oauth2 (1.4.0)
      oauth2 (~> 1.0)
      omniauth (~> 1.2)
    orm_adapter (0.5.0)
    paperclip (4.3.6)
      activemodel (>= 3.2.0)
      activesupport (>= 3.2.0)
      cocaine (~> 0.5.5)
      mime-types
      mimemagic (= 0.3.0)
    parsi-date (0.3.1)
    pg (0.18.4)
    pry (0.10.3)
      coderay (~> 1.1.0)
      method_source (~> 0.8.1)
      slop (~> 3.4)
    pry-rails (0.3.4)
      pry (>= 0.9.10)
    public_activity (1.4.2)
      actionpack (>= 3.0.0)
      activerecord (>= 3.0)
      i18n (>= 0.5.0)
      railties (>= 3.0.0)
    puma (2.16.0)
    rack (1.6.4)
    rack-cache (1.6.1)
      rack (>= 0.4)
    rack-protection (1.5.3)
      rack
    rack-test (0.6.3)
      rack (>= 1.0)
    rails (4.2.5.1)
      actionmailer (= 4.2.5.1)
      actionpack (= 4.2.5.1)
      actionview (= 4.2.5.1)
      activejob (= 4.2.5.1)
      activemodel (= 4.2.5.1)
      activerecord (= 4.2.5.1)
      activesupport (= 4.2.5.1)
      bundler (>= 1.3.0, < 2.0)
      railties (= 4.2.5.1)
      sprockets-rails
    rails-deprecated_sanitizer (1.0.3)
      activesupport (>= 4.2.0.alpha)
    rails-dom-testing (1.0.7)
      activesupport (>= 4.2.0.beta, < 5.0)
      nokogiri (~> 1.6.0)
      rails-deprecated_sanitizer (>= 1.0.1)
    rails-html-sanitizer (1.0.3)
      loofah (~> 2.0)
    rails_12factor (0.0.3)
      rails_serve_static_assets
      rails_stdout_logging
    rails_serve_static_assets (0.0.4)
    rails_stdout_logging (0.0.4)
    railties (4.2.5.1)
      actionpack (= 4.2.5.1)
      activesupport (= 4.2.5.1)
      rake (>= 0.8.7)
      thor (>= 0.18.1, < 2.0)
    rake (10.5.0)
    rb-fsevent (0.9.7)
    rb-inotify (0.9.5)
      ffi (>= 0.5.0)
    redis (3.3.0)
    redis-actionpack (4.0.1)
      actionpack (~> 4)
      redis-rack (~> 1.5.0)
      redis-store (~> 1.1.0)
    redis-activesupport (4.1.5)
      activesupport (>= 3, < 5)
      redis-store (~> 1.1.0)
    redis-namespace (1.5.2)
      redis (~> 3.0, >= 3.0.4)
    redis-rack (1.5.0)
      rack (~> 1.5)
      redis-store (~> 1.1.0)
    redis-rack-cache (1.2.4)
      rack-cache (~> 1.2)
      redis-store (~> 1.1.0)
    redis-rails (4.0.0)
      redis-actionpack (~> 4)
      redis-activesupport (~> 4)
      redis-store (~> 1.1.0)
    redis-store (1.1.7)
      redis (>= 2.2)
    regexp_parser (0.3.2)
    responders (2.1.1)
      railties (>= 4.2.0, < 5.1)
    rspec (3.4.0)
      rspec-core (~> 3.4.0)
      rspec-expectations (~> 3.4.0)
      rspec-mocks (~> 3.4.0)
    rspec-core (3.4.2)
      rspec-support (~> 3.4.0)
    rspec-expectations (3.4.0)
      diff-lcs (>= 1.2.0, < 2.0)
      rspec-support (~> 3.4.0)
    rspec-mocks (3.4.1)
      diff-lcs (>= 1.2.0, < 2.0)
      rspec-support (~> 3.4.0)
    rspec-rails (3.4.1)
      actionpack (>= 3.0, < 4.3)
      activesupport (>= 3.0, < 4.3)
      railties (>= 3.0, < 4.3)
      rspec-core (~> 3.4.0)
      rspec-expectations (~> 3.4.0)
      rspec-mocks (~> 3.4.0)
      rspec-support (~> 3.4.0)
    rspec-support (3.4.1)
    safe_yaml (1.0.4)
    sass (3.4.21)
    sass-rails (5.0.4)
      railties (>= 4.0.0, < 5.0)
      sass (~> 3.1)
      sprockets (>= 2.8, < 4.0)
      sprockets-rails (>= 2.0, < 4.0)
      tilt (>= 1.1, < 3)
    shellany (0.0.1)
    shoulda-callback-matchers (1.1.3)
      activesupport (>= 3)
    shoulda-matchers (3.1.1)
      activesupport (>= 4.0.0)
    sidekiq (4.1.1)
      concurrent-ruby (~> 1.0)
      connection_pool (~> 2.2, >= 2.2.0)
      redis (~> 3.2, >= 3.2.1)
    simple_form (3.2.1)
      actionpack (> 4, < 5.1)
      activemodel (> 4, < 5.1)
    sinatra (1.4.7)
      rack (~> 1.5)
      rack-protection (~> 1.4)
      tilt (>= 1.3, < 3)
    slop (3.6.0)
    spring (1.6.2)
    sprockets (3.5.2)
      concurrent-ruby (~> 1.0)
      rack (> 1, < 3)
    sprockets-rails (3.0.1)
      actionpack (>= 4.0)
      activesupport (>= 4.0)
      sprockets (>= 3.0.0)
    terminal-notifier-guard (1.6.4)
    thin (1.6.4)
      daemons (~> 1.0, >= 1.0.9)
      eventmachine (~> 1.0, >= 1.0.4)
      rack (~> 1.0)
    thor (0.19.1)
    thread_safe (0.3.5)
    tilt (2.0.2)
    turbolinks (2.5.3)
      coffee-rails
    tzinfo (1.2.2)
      thread_safe (~> 0.1)
    uglifier (2.7.2)
      execjs (>= 0.3.0)
      json (>= 1.8.0)
    unf (0.1.4)
      unf_ext
    unf_ext (0.0.7.2)
    vcr (3.0.1)
    warden (1.2.5)
      rack (>= 1.0)
    web-console (3.1.1)
      activemodel (>= 4.2)
      debug_inspector
      railties (>= 4.2)
    webmock (1.22.6)
      addressable (>= 2.3.6)
      crack (>= 0.3.2)
      hashdiff
    yard (0.8.7.6)

PLATFORMS
  ruby

DEPENDENCIES
  active_model_serializers (~> 0.9.3)
  autoprefixer-rails
  bootstrap-sass (~> 3.3.5)
  byebug
  client_side_validations!
  client_side_validations-simple_form!
  coffee-rails (~> 4.1.0)
  devise (~> 3.5.1)
  devise_uid (~> 0.1.1)
  factory_girl_rails (~> 4.5.0)
  ffaker (~> 2.1.0)
  guard-rspec (~> 4.6.4)
  guard-yard (~> 2.1, >= 2.1.4)
  http (~> 2.0)
  instagram (~> 1.1.5)
  jquery-rails
  kaminari (~> 0.16.3)
  omniauth-instagram (~> 1.0.1)
  paperclip (~> 4.3, >= 4.3.6)
  parsi-date (~> 0.3.1)
  pg
  pry-rails
  public_activity (~> 1.4, >= 1.4.2)
  puma
  rails (= 4.2.5.1)
  rails_12factor
  redis (~> 3.3)
  redis-namespace (~> 1.5, >= 1.5.2)
  redis-rack-cache (~> 1.2, >= 1.2.4)
  redis-rails (~> 4.0)
  rspec-rails (~> 3.4.1)
  sass-rails (~> 5.0)
  shoulda-callback-matchers (~> 1.1.3)
  shoulda-matchers (~> 3.1)
  sidekiq (~> 4.1, >= 4.1.1)
  simple_form (~> 3.2)
  sinatra (~> 1.4, >= 1.4.7)
  spring
  terminal-notifier-guard (~> 1.6.4)
  thin
  turbolinks
  uglifier (>= 1.3.0)
  vcr (~> 3.0)
  web-console
  webmock (~> 1.22, >= 1.22.3)

BUNDLED WITH
   1.11.2
